GIT
  remote: http://github.com/paneq/calendar_date_select.git
  revision: 8e7ec79435a68665df40b14bd90f47e6ac5e9135
  branch: rails3test
  specs:
    calendar_date_select (1.16.1)

GEM
  remote: http://rubygems.org/
  specs:
    RedCloth (4.2.3)
    abstract (1.0.0)
    acl9 (0.12.0)
    actionmailer (3.0.0)
      actionpack (= 3.0.0)
      mail (~> 2.2.5)
    actionpack (3.0.0)
      activemodel (= 3.0.0)
      activesupport (= 3.0.0)
      builder (~> 2.1.2)
      erubis (~> 2.6.6)
      i18n (~> 0.4.1)
      rack (~> 1.2.1)
      rack-mount (~> 0.6.12)
      rack-test (~> 0.5.4)
      tzinfo (~> 0.3.23)
    activemodel (3.0.0)
      activesupport (= 3.0.0)
      builder (~> 2.1.2)
      i18n (~> 0.4.1)
    activerecord (3.0.0)
      activemodel (= 3.0.0)
      activesupport (= 3.0.0)
      arel (~> 1.0.0)
      tzinfo (~> 0.3.23)
    activeresource (3.0.0)
      activemodel (= 3.0.0)
      activesupport (= 3.0.0)
    activesupport (3.0.0)
    acts_as_markdown (0.1.2)
      activerecord (>= 2.1.0)
      activesupport (>= 2.1.0)
      rdiscount (>= 1.2.7)
    arel (1.0.1)
      activesupport (~> 3.0.0)
    attr_encrypted (1.1.2)
      eigenclass (>= 1.1.1)
      encryptor (>= 1.1.0)
      mocha (>= 0.9.8)
    bcrypt-ruby (2.1.2)
    bluecloth (2.0.9)
    builder (2.1.2)
    capistrano (2.5.19)
      highline
      net-scp (>= 1.0.0)
      net-sftp (>= 2.0.0)
      net-ssh (>= 2.0.14)
      net-ssh-gateway (>= 1.0.0)
    cgi_multipart_eof_fix (2.5.0)
    chronic (0.2.3)
      hoe (>= 1.2.1)
    css_parser (1.0.1)
    daemons (1.1.0)
    devise (1.1.3)
      bcrypt-ruby (~> 2.1.2)
      warden (~> 0.10.7)
    eigenclass (1.1.1)
    encryptor (1.1.1)
    erubis (2.6.6)
      abstract (>= 1.0.0)
    eventmachine (0.12.10)
    fastthread (1.0.7)
    formatize (1.0.0)
      RedCloth (~> 4.2)
      actionpack (= 3.0.0)
      bluecloth (~> 2.0)
    gcal4ruby (0.5.5)
      gdata4ruby (>= 0.1.5)
    gdata4ruby (0.1.5)
    gem_plugin (0.2.3)
    highline (1.6.1)
    hoe (2.6.2)
      rake (>= 0.8.7)
      rubyforge (>= 2.0.4)
    hoptoad_notifier (2.3.8)
      activesupport
    i18n (0.4.1)
    json_pure (1.4.6)
    mail (2.2.6.1)
      activesupport (>= 2.3.6)
      mime-types
      treetop (>= 1.4.5)
    mail_style (0.1.6)
      actionmailer (>= 1.2.3)
      css_parser (>= 1.0.0)
      nokogiri (>= 1.0.0)
    mime-types (1.16)
    mocha (0.9.8)
      rake
    mongrel (1.1.5)
      cgi_multipart_eof_fix (>= 2.4)
      daemons (>= 1.0.3)
      fastthread (>= 1.0.1)
      gem_plugin (>= 0.2.3)
    mysql (2.8.1)
    net-scp (1.0.4)
      net-ssh (>= 1.99.1)
    net-sftp (2.0.5)
      net-ssh (>= 2.0.9)
    net-ssh (2.0.23)
    net-ssh-gateway (1.0.1)
      net-ssh (>= 1.99.1)
    nokogiri (1.4.3.1)
    polyglot (0.3.1)
    rack (1.2.1)
    rack-mount (0.6.13)
      rack (>= 1.0.0)
    rack-test (0.5.6)
      rack (>= 1.0)
    rails (3.0.0)
      actionmailer (= 3.0.0)
      actionpack (= 3.0.0)
      activerecord (= 3.0.0)
      activeresource (= 3.0.0)
      activesupport (= 3.0.0)
      bundler (~> 1.0.0)
      railties (= 3.0.0)
    railties (3.0.0)
      actionpack (= 3.0.0)
      activesupport (= 3.0.0)
      rake (>= 0.8.4)
      thor (~> 0.14.0)
    rake (0.8.7)
    rdiscount (1.6.5)
    rubyforge (2.0.4)
      json_pure (>= 1.1.7)
    rufus-scheduler (2.0.6)
    thor (0.14.3)
    treetop (1.4.8)
      polyglot (>= 0.3.1)
    tzinfo (0.3.23)
    warden (0.10.7)
      rack (>= 1.0.0)

PLATFORMS
  ruby

DEPENDENCIES
  acl9
  acts_as_markdown
  attr_encrypted (>= 1.1.2)
  calendar_date_select!
  capistrano
  chronic (>= 0.2.3)
  css_parser (>= 1.0.0)
  daemons (= 1.1.0)
  devise (= 1.1.3)
  encryptor (~> 1.1.1)
  eventmachine (>= 0.12.10)
  formatize
  gcal4ruby
  hoptoad_notifier (>= 2.2.0)
  mail_style (>= 0.1.6)
  mongrel
  mysql
  nokogiri (>= 1.4.1)
  rails (= 3.0.0)
  rdiscount
  rufus-scheduler
